GIT
  remote: https://github.com/Talkdesk/ruby_style.git
  revision: 8def30e465ff0ee70f03947fb9018fa5ad004587
  specs:
    ruby_style (0.4.0)
      rubocop (= 0.57.2)
      rubocop-rspec (= 1.27)
      thor (~> 0.14)

GIT
  remote: https://github.com/Talkdesk/talkdesk_events.git
  revision: 24966a1e0612e96be14b5652be1f1cc219937e84
  specs:
    talkdesk_events (4.1.2)
      bugsnag (>= 4)
      bunny (~> 2.7)
      connection_pool (~> 2.2)
      multi_json (~> 1.6)
      newrelic_rpm (>= 5.1)

GEM
  remote: https://rubygems.org/
  specs:
    amq-protocol (2.3.0)
    ast (2.4.0)
    bugsnag (6.8.0)
      concurrent-ruby (~> 1.0)
    bunny (2.12.0)
      amq-protocol (~> 2.3, >= 2.3.0)
    coderay (1.1.2)
    concurrent-ruby (1.1.3)
    connection_pool (2.2.2)
    jaro_winkler (1.5.1)
    method_source (0.9.1)
    multi_json (1.13.1)
    mustermann (1.0.3)
    newrelic_rpm (5.4.0.347)
    parallel (1.12.1)
    parser (2.5.3.0)
      ast (~> 2.4.0)
    pg (1.1.3)
    powerpack (0.1.2)
    pry (0.12.0)
      coderay (~> 1.1.0)
      method_source (~> 0.9.0)
    puma (3.12.0)
    rack (2.0.6)
    rack-protection (2.0.4)
      rack
    rainbow (3.0.0)
    rubocop (0.57.2)
      jaro_winkler (~> 1.5.1)
      parallel (~> 1.10)
      parser (>= 2.5)
      powerpack (~> 0.1)
      rainbow (>= 2.2.2, < 4.0)
      ruby-progressbar (~> 1.7)
      unicode-display_width (~> 1.0, >= 1.0.1)
    rubocop-rspec (1.27.0)
      rubocop (>= 0.56.0)
    ruby-progressbar (1.10.0)
    sequel (5.14.0)
    sinatra (2.0.4)
      mustermann (~> 1.0)
      rack (~> 2.0)
      rack-protection (= 2.0.4)
      tilt (~> 2.0)
    thor (0.20.0)
    tilt (2.0.8)
    unicode-display_width (1.4.0)

PLATFORMS
  ruby

DEPENDENCIES
  pg (= 1.1.3)
  pry
  puma (= 3.12.0)
  ruby_style (= 0.4.0)!
  sequel (= 5.14.0)
  sinatra (= 2.0.4)
  talkdesk_events (= 4.1.2)!

RUBY VERSION
   ruby 2.5.3p105

BUNDLED WITH
   1.17.1
