GIT
  remote: https://github.com/Talkdesk/ruby_style.git
  revision: 05e77efd22b46fad6200049ce1fc680d1a98109f
  specs:
    ruby_style (0.5.1)
      rubocop (= 0.58.0)
      rubocop-rspec (= 1.28)
      thor (~> 0.14)

GIT
  remote: https://github.com/Talkdesk/talkdesk_events.git
  revision: d38be9809efd0d540c4cbdef9fa9c3a5d6bc9a24
  specs:
    talkdesk_events (4.1.2)
      bugsnag (>= 4)
      bunny (~> 2.7)
      connection_pool (~> 2.2)
      multi_json (~> 1.6)
      newrelic_rpm (>= 5.1)

GEM
  remote: https://rubygems.org/
  specs:
    amq-protocol (2.3.0)
    ast (2.4.0)
    bugsnag (6.11.1)
      concurrent-ruby (~> 1.0)
    bunny (2.14.2)
      amq-protocol (~> 2.3, >= 2.3.0)
    coderay (1.1.2)
    concurrent-ruby (1.1.5)
    connection_pool (2.2.2)
    jaro_winkler (1.5.2)
    method_source (0.9.2)
    multi_json (1.13.1)
    mustermann (1.0.3)
    newrelic_rpm (6.3.0.355)
    parallel (1.17.0)
    parser (2.6.3.0)
      ast (~> 2.4.0)
    pg (1.1.4)
    powerpack (0.1.2)
    pry (0.12.2)
      coderay (~> 1.1.0)
      method_source (~> 0.9.0)
    puma (3.12.0)
    rack (2.0.7)
    rack-protection (2.0.4)
      rack
    rainbow (3.0.0)
    rubocop (0.58.0)
      jaro_winkler (~> 1.5.1)
      parallel (~> 1.10)
      parser (>= 2.5)
      powerpack (~> 0.1)
      rainbow (>= 2.2.2, < 4.0)
      ruby-progressbar (~> 1.7)
      unicode-display_width (~> 1.0, >= 1.0.1)
    rubocop-rspec (1.28.0)
      rubocop (>= 0.58.0)
    ruby-progressbar (1.10.0)
    sequel (5.14.0)
    sinatra (2.0.4)
      mustermann (~> 1.0)
      rack (~> 2.0)
      rack-protection (= 2.0.4)
      tilt (~> 2.0)
    thor (0.20.3)
    tilt (2.0.9)
    unicode-display_width (1.6.0)

PLATFORMS
  ruby

DEPENDENCIES
  pg (= 1.1.4)
  pry
  puma (= 3.12.0)
  ruby_style (= 0.5.1)!
  sequel (= 5.14.0)
  sinatra (= 2.0.4)
  talkdesk_events (= 4.1.2)!

RUBY VERSION
   ruby 2.6.3p62

BUNDLED WITH
   2.0.1
